GEM
  remote: https://rubygems.org/
  specs:
    rspec-core (3.7.0)
      rspec-support (~> 3.7.0)
    rspec-support (3.7.0)

PLATFORMS
  ruby

DEPENDENCIES
  rspec-core

BUNDLED WITH
   1.16.1
